GEM
  remote: https://rubygems.org/
  specs:
    json (1.8.2)
    tiny_tds (0.5.1)
    viaduct-webpush (1.0.5)
      json (>= 1.8, < 2)
      websocket (~> 1.2)
    websocket (1.2.1)

PLATFORMS
  ruby

DEPENDENCIES
  tiny_tds
  viaduct-webpush
